GEM
  remote: https://rubygems.org/
  specs:
    cryptocompare (0.14.0)
      faraday
      json
    faraday (0.15.4)
      multipart-post (>= 1.2, < 3)
    json (2.2.0)
    multipart-post (2.1.1)

PLATFORMS
  ruby

DEPENDENCIES
  cryptocompare

BUNDLED WITH
   1.16.1
